GIT
  remote: https://github.com/akicho8/stylet.git
  revision: ef56e809773f3f5333732ca7eb1368374e743cf4
  specs:
    stylet (0.0.2)
      activemodel
      activesupport
      i18n
      memory_record
      rake
      rgb
      rsdl
      rubysdl
      stylet_support

GIT
  remote: https://github.com/akicho8/stylet_support.git
  revision: d5fd66b8feab48d5f0053e75c5450cd8bba095e0
  specs:
    stylet_support (0.0.5)
      activesupport

GEM
  remote: https://rubygems.org/
  specs:
    activemodel (6.1.5)
      activesupport (= 6.1.5)
    activesupport (6.1.5)
      concurrent-ruby (~> 1.0, >= 1.0.2)
      i18n (>= 1.6, < 2)
      minitest (>= 5.1)
      tzinfo (~> 2.0)
      zeitwerk (~> 2.3)
    concurrent-ruby (1.1.10)
    i18n (1.10.0)
      concurrent-ruby (~> 1.0)
    memory_record (0.0.18)
      activesupport
    minitest (5.15.0)
    rake (13.0.6)
    rgb (0.1.0)
    rsdl (0.1.5)
    rubysdl (2.2.0)
    tzinfo (2.0.4)
      concurrent-ruby (~> 1.0)
    zeitwerk (2.5.4)

PLATFORMS
  x86_64-darwin-17

DEPENDENCIES
  stylet!
  stylet_support!

BUNDLED WITH
   2.3.4
