GIT
  remote: https://github.com/akicho8/stylet.git
  revision: 604d79fe670587573afaa48b8fb8c3ad36dc64e0
  specs:
    stylet (0.0.2)
      activemodel
      activesupport
      i18n
      memory_record
      rake
      rgb
      rsdl
      rubysdl
      stylet_support

GIT
  remote: https://github.com/akicho8/stylet_support.git
  revision: 03cf0c35aaf540c2a79d3f076e5d56acdeaf6a76
  specs:
    stylet_support (0.0.5)
      activesupport

GEM
  remote: https://rubygems.org/
  specs:
    activemodel (7.0.2.3)
      activesupport (= 7.0.2.3)
    activesupport (7.0.2.3)
      concurrent-ruby (~> 1.0, >= 1.0.2)
      i18n (>= 1.6, < 2)
      minitest (>= 5.1)
      tzinfo (~> 2.0)
    concurrent-ruby (1.1.10)
    i18n (1.10.0)
      concurrent-ruby (~> 1.0)
    memory_record (0.0.18)
      activesupport
    minitest (5.15.0)
    rake (13.0.6)
    rgb (0.1.0)
    rsdl (0.1.5)
    rubysdl (2.2.0)
    tzinfo (2.0.4)
      concurrent-ruby (~> 1.0)

PLATFORMS
  x86_64-darwin-20

DEPENDENCIES
  stylet!
  stylet_support!

BUNDLED WITH
   2.3.12
